NUGET
  remote: https://nuget.org/api/v2
  specs:
    FAKE (3.30.1)
    FSharp.Compiler.Service (0.0.89)
    FSharp.Formatting (2.8.0)
      FSharp.Compiler.Service (>= 0.0.86)
      FSharpVSPowerTools.Core (>= 1.7.0)
    FSharpVSPowerTools.Core (1.7.0)
      FSharp.Compiler.Service (>= 0.0.81)
    FSharpx.Core (1.8.41)
    FSharpx.Text.StructuredFormat (1.8.41)
      FSharpx.Core (1.8.41)
    Microsoft.Bcl (1.1.10)
      Microsoft.Bcl.Build (>= 1.0.14)
    Microsoft.Bcl.Build (1.0.21)
    Microsoft.Net.Http (2.2.29)
      Microsoft.Bcl (>= 1.1.10)
      Microsoft.Bcl.Build (>= 1.0.14)
    NUnit (2.6.4)
    NUnit.Runners (2.6.4)
    Octokit (0.10.0)
      Microsoft.Net.Http
    SourceLink.Fake (0.5.0)
GITHUB
  remote: fsharp/FAKE
  specs:
    modules/Octokit/Octokit.fsx (891840ae812cd0b6bec90e143c653b1c0cc95789)
      Octokit